{
    "TaskName": "smrbmi",
    "PowerLineFrequency": 50,
    "ManufacturersModelName": "GES400",
    "EEGReference": "Cz",
    "EEGPlacementScheme": "10-20 system",
    "Manufacturer": "Magstim EGI",
    "EEGChannelCount": 129,
    "MiscChannelCount": 0,
    "RecordingType": "continuous",
    "RecordingDuration": 627.87,
    "SamplingFrequency": 1000,
    "EOGChannelCount": 0,
    "ECGChannelCount": 0,
    "EMGChannelCount": 0,
    "SoftwareFilters": "n/a"
}